GEM
  remote: https://rubygems.org/
  specs:
    CFPropertyList (2.2.8)
    awesome_print (1.6.1)
    diff-lcs (1.2.5)
    facets (3.0.0)
    facter (2.4.6)
      CFPropertyList (~> 2.2.6)
    hiera (3.1.0)
      json_pure
    json_pure (1.8.3)
    metaclass (0.0.4)
    mocha (1.1.0)
      metaclass (~> 0.0.1)
    puppet (4.4.0)
      CFPropertyList (~> 2.2.6)
      facter (> 2.0, < 4)
      hiera (>= 2.0, < 4)
      json_pure
    puppet-lint (1.1.0)
    puppet-retrospec (0.12.1)
      awesome_print
      facets
      retrospec (~> 0.4)
      trollop
    puppet-syntax (2.1.0)
      rake
    puppetlabs_spec_helper (1.1.1)
      mocha
      puppet-lint
      puppet-syntax
      rake
      rspec-puppet
    rake (11.1.1)
    retrospec (0.4.0)
      trollop
    rspec (3.4.0)
      rspec-core (~> 3.4.0)
      rspec-expectations (~> 3.4.0)
      rspec-mocks (~> 3.4.0)
    rspec-core (3.4.4)
      rspec-support (~> 3.4.0)
    rspec-expectations (3.4.0)
      diff-lcs (>= 1.2.0, < 2.0)
      rspec-support (~> 3.4.0)
    rspec-mocks (3.4.1)
      diff-lcs (>= 1.2.0, < 2.0)
      rspec-support (~> 3.4.0)
    rspec-puppet (2.3.2)
      rspec
    rspec-support (3.4.1)
    trollop (2.1.2)

PLATFORMS
  ruby

DEPENDENCIES
  facter (>= 1.7.0)
  puppet (>= 4.0)
  puppet-lint (>= 1.0.0)
  puppet-retrospec
  puppetlabs_spec_helper (>= 0.8.2)
